GEM
  specs:
    diff-lcs (1.1.3)
    minitest (2.11.3)
    rake (0.9.2.2)
    rspec (2.8.0)
      rspec-core (~> 2.8.0)
      rspec-expectations (~> 2.8.0)
      rspec-mocks (~> 2.8.0)
    rspec-core (2.8.0)
    rspec-expectations (2.8.0)
      diff-lcs (~> 1.1.2)
    rspec-mocks (2.8.0)
    state_machine (1.1.2)

PLATFORMS
  ruby

DEPENDENCIES
  minitest
  rake
  rspec
  state_machine
